GIT
  remote: https://github.com/antramm/bhm-google-maps.git
  revision: f40b9082c771a416db74476857bef20ba13ec878
  specs:
    bhm-google-maps (0.3.0)

GIT
  remote: https://github.com/davout/recaptcha.git
  revision: 2e3bfac0a0e29dcbd0e77262d54264949df1d8d6
  specs:
    recaptcha (0.2.3)

GIT
  remote: https://github.com/jlecour/geokit-rails3.git
  revision: e7451ce3446d28af0ec871829436924f5899208c
  specs:
    geokit-rails3 (0.1.2)
      geokit (~> 1.5.0)
      rails (~> 3.0.0)

GIT
  remote: https://github.com/jnicklas/carrierwave.git
  revision: 7361f97be97e5cd0986ccf41f9e96b47571f8daa
  specs:
    carrierwave (0.5.1)
      activesupport (~> 3.0)

PATH
  remote: /Users/kristianconsult/ruby-gems/cream
  specs:
    cream (0.8.9)
      cancan (>= 1.4.1)
      cancan (>= 1.4.0)
      cancan-permits (>= 0.3.4)
      cancan-permits (>= 0.3.9)
      cancan-rest-links (>= 0.2.0)
      cancan-rest-links (>= 0.2.1)
      colorize (>= 0.5.8)
      colorize (>= 0.5.8)
      devise (>= 1.1.5)
      devise (>= 1.1.5)
      devise-links (>= 0.2.1)
      devise-links (>= 0.2.0)
      logging_assist (>= 0.2.0)
      logging_assist (>= 0.2.0)
      r3_plugin_toolbox (>= 0.4.0)
      r3_plugin_toolbox (>= 0.4.0)
      rails (>= 3.0.1)
      rails (>= 3.0.1)
      rails3_artifactor (>= 0.3.2)
      rails3_artifactor (~> 0.3.2)
      require_all (~> 1.2.0)
      require_all (~> 1.2.0)
      sugar-high (~> 0.3.1)
      sugar-high (>= 0.3.1)

GEM
  remote: http://rubygems.org/
  specs:
    abstract (1.0.0)
    actionmailer (3.0.3)
      actionpack (= 3.0.3)
      mail (~> 2.2.9)
    actionpack (3.0.3)
      activemodel (= 3.0.3)
      activesupport (= 3.0.3)
      builder (~> 2.1.2)
      erubis (~> 2.6.6)
      i18n (~> 0.4)
      rack (~> 1.2.1)
      rack-mount (~> 0.6.13)
      rack-test (~> 0.5.6)
      tzinfo (~> 0.3.23)
    active_merchant (1.5.2)
      activesupport (>= 2.3.2)
      builder (>= 2.0.0)
    activemodel (3.0.3)
      activesupport (= 3.0.3)
      builder (~> 2.1.2)
      i18n (~> 0.4)
    activerecord (3.0.3)
      activemodel (= 3.0.3)
      activesupport (= 3.0.3)
      arel (~> 2.0.2)
      tzinfo (~> 0.3.23)
    activeresource (3.0.3)
      activemodel (= 3.0.3)
      activesupport (= 3.0.3)
    activesupport (3.0.3)
    arel (2.0.6)
    bcrypt-ruby (2.1.4)
    bson (1.1.5)
    bson_ext (1.1.5)
    builder (2.1.2)
    cancan (1.4.1)
    cancan-permits (0.3.10)
      activemodel (>= 3.0.1)
      activemodel (>= 3.0.1)
      activeresource (>= 3.0.1)
      activeresource (>= 3.0.1)
      activesupport (>= 3.0.1)
      activesupport (>= 3.0.1)
      cancan (>= 1.4.1)
      cancan (>= 1.4.1)
      logging_assist (>= 0.2.0)
      logging_assist (>= 0.2.0)
      rails3_artifactor (~> 0.3.2)
      rails3_artifactor (~> 0.3.2)
      require_all (~> 1.2.0)
      require_all (~> 1.2.0)
      sugar-high (~> 0.3.1)
      sugar-high (~> 0.3.1)
    cancan-rest-links (0.2.2)
      cancan (>= 1.4.1)
      cancan (>= 1.4.1)
      r3_plugin_toolbox (~> 0.4.0)
      r3_plugin_toolbox (>= 0.4.0)
      require_all (~> 1.2.0)
      require_all (~> 1.2.0)
      sugar-high (~> 0.3.1)
      sugar-high (~> 0.3.1)
    capybara (0.4.0)
      celerity (>= 0.7.9)
      culerity (>= 0.2.4)
      mime-types (>= 1.16)
      nokogiri (>= 1.3.3)
      rack (>= 1.0.0)
      rack-test (>= 0.5.4)
      selenium-webdriver (>= 0.0.27)
      xpath (~> 0.1.2)
    celerity (0.8.7)
    childprocess (0.1.6)
      ffi (~> 0.6.3)
    chunky_png (0.12.0)
    colorize (0.5.8)
    compass (0.10.6)
      haml (>= 3.0.4)
    cucumber (0.10.0)
      builder (>= 2.1.2)
      diff-lcs (~> 1.1.2)
      gherkin (~> 2.3.2)
      json (~> 1.4.6)
      term-ansicolor (~> 1.0.5)
    cucumber-rails (0.3.2)
      cucumber (>= 0.8.0)
    culerity (0.2.14)
    daemons (1.0.10)
    devise (1.1.5)
      bcrypt-ruby (~> 2.1.2)
      warden (~> 1.0.2)
    devise-links (0.2.2)
      activesupport (>= 3.0.0)
      devise (>= 1.1.5)
      logging_assist (>= 0.2.0)
      r3_plugin_toolbox (>= 0.4.0)
      rails3_artifactor (>= 0.3.1)
      require_all (~> 1.2.0)
      sugar-high (~> 0.3.1)
    diff-lcs (1.1.2)
    erubis (2.6.6)
      abstract (>= 1.0.0)
    ffi (0.6.3)
      rake (>= 0.8.7)
    formtastic (1.2.3)
      actionpack (>= 2.3.7)
      activesupport (>= 2.3.7)
      i18n (~> 0.4)
    gem_plugin (0.2.3)
    geokit (1.5.0)
    gherkin (2.3.3)
      json (~> 1.4.6)
    haml (3.0.25)
    haml-edge (3.1.79)
    has_scope (0.5.0)
    hpricot (0.8.3)
    i18n (0.5.0)
    inherited_resources (1.1.2)
      has_scope (~> 0.5.0)
      responders (~> 0.6.0)
    json (1.4.6)
    json_pure (1.4.6)
    lemonade (0.3.4)
      chunky_png (>= 0.8.0)
      compass (>= 0.10.0)
      haml (>= 3.0.0)
    log4r-color (1.2)
      colorize
      scribe
    logging_assist (0.2.1)
      colorize (~> 0.5.8)
      log4r-color (>= 1.2)
      require_all (~> 1.2.0)
      sugar-high (~> 0.3.0)
    mail (2.2.14)
      activesupport (>= 2.3.6)
      i18n (>= 0.4.0)
      mime-types (~> 1.16)
      treetop (~> 1.4.8)
    migration_assist (0.1.8)
      rails (>= 3.0.1)
      require_all (~> 1.2.0)
    mime-types (1.16)
    mocha (0.9.10)
      rake
    mongo (1.1.5)
      bson (>= 1.1.5)
    mongoid (2.0.0.rc.3)
      activemodel (~> 3.0)
      mongo (~> 1.1.5)
      tzinfo (~> 0.3.22)
      will_paginate (~> 3.0.pre)
    mongrel (1.2.0.pre2)
      daemons (~> 1.0.10)
      gem_plugin (~> 0.2.3)
    nokogiri (1.4.4)
    pickle (0.4.4)
      cucumber (>= 0.8)
      rake
      rspec (>= 1.3)
      yard
    polyglot (0.3.1)
    r3_plugin_toolbox (0.4.0)
      rails (~> 3.0)
      require_all (~> 1.2.0)
      sugar-high (~> 0.3.0)
    rack (1.2.1)
    rack-mount (0.6.13)
      rack (>= 1.0.0)
    rack-test (0.5.7)
      rack (>= 1.0)
    rails (3.0.3)
      actionmailer (= 3.0.3)
      actionpack (= 3.0.3)
      activerecord (= 3.0.3)
      activeresource (= 3.0.3)
      activesupport (= 3.0.3)
      bundler (~> 1.0)
      railties (= 3.0.3)
    rails3_artifactor (0.3.2)
      migration_assist (~> 0.1.4)
      rails3_assist (~> 0.3.0)
      require_all (~> 1.2.0)
      rspec (>= 2.0.0)
      sugar-high (~> 0.3.0)
    rails3_assist (0.3.7)
      activesupport (>= 3.0)
      migration_assist (~> 0.1.7)
      require_all (~> 1.2.0)
      sugar-high (~> 0.3.0)
      thor (>= 0.14.0)
    railties (3.0.3)
      actionpack (= 3.0.3)
      activesupport (= 3.0.3)
      rake (>= 0.8.7)
      thor (~> 0.14.4)
    rake (0.8.7)
    remarkable (4.0.0.alpha4)
      rspec (>= 2.0.0.alpha11)
    remarkable_activemodel (4.0.0.alpha4)
      remarkable (~> 4.0.0.alpha4)
      rspec (>= 2.0.0.alpha11)
    remarkable_mongoid (0.5.0)
      remarkable_activemodel (>= 4.0.0.alpha2)
    require_all (1.2.0)
    responders (0.6.2)
    roles_generic (0.3.6)
      activesupport (>= 3.0.1)
      logging_assist (>= 0.1.6)
      rails3_artifactor (~> 0.3.2)
      require_all (~> 1.2.0)
      sugar-high (~> 0.3.1)
    roles_mongoid (0.4.4)
      activesupport (~> 3.0.1)
      bson (>= 1.1.1)
      bson (>= 1.1.4)
      logging_assist (>= 0.2.0)
      logging_assist (>= 0.2.0)
      mongoid (>= 2.0.0.rc.1)
      mongoid (>= 2.0.0.rc.1)
      rails3_artifactor (>= 0.3.1)
      require_all (~> 1.2.0)
      require_all (~> 1.2.0)
      roles_generic (>= 0.3.3)
      roles_generic (>= 0.3.2)
      sugar-high (>= 0.3.0)
      sugar-high (~> 0.3.1)
    rspec (2.4.0)
      rspec-core (~> 2.4.0)
      rspec-expectations (~> 2.4.0)
      rspec-mocks (~> 2.4.0)
    rspec-core (2.4.0)
    rspec-expectations (2.4.0)
      diff-lcs (~> 1.1.2)
    rspec-mocks (2.4.0)
    rspec-rails (2.4.1)
      actionpack (~> 3.0)
      activesupport (~> 3.0)
      railties (~> 3.0)
      rspec (~> 2.4.0)
    ruby_parser (2.0.5)
      sexp_processor (~> 3.0)
    rubyzip (0.9.4)
    sass (3.1.0.alpha.214)
    scribe (0.2.2)
      rake
      thrift_client
    selenium-webdriver (0.1.2)
      childprocess (~> 0.1.5)
      ffi (~> 0.6.3)
      json_pure
      rubyzip
    sexp_processor (3.0.5)
    slim (0.8.3)
      temple (~> 0.1.6)
      tilt (~> 1.1)
    slim-rails (0.1.2)
    sugar-high (0.3.3)
      mocha (>= 0.9.8)
      require_all (~> 1.2.0)
    temple (0.1.6)
    term-ansicolor (1.0.5)
    thor (0.14.6)
    thrift (0.5.0)
    thrift_client (0.6.0)
      thrift (~> 0.5.0)
    tilt (1.2.1)
    treetop (1.4.9)
      polyglot (>= 0.3.1)
    tzinfo (0.3.23)
    warden (1.0.3)
      rack (>= 1.0.0)
    will_paginate (3.0.pre2)
    xpath (0.1.3)
      nokogiri (~> 1.3)
    yard (0.6.4)

PLATFORMS
  ruby

DEPENDENCIES
  active_merchant
  bhm-google-maps!
  bson_ext (>= 1.1.4)
  capybara
  carrierwave!
  compass
  cream (>= 0.8.8)!
  cucumber-rails
  devise (>= 1.1.5)
  diff-lcs
  formtastic (>= 1.1.0)
  geokit-rails3!
  haml-edge (~> 3.1.49)
  hpricot (>= 0.8.3)
  inherited_resources
  lemonade
  mongoid (>= 2.0.0.beta.20)
  mongrel (>= 1.2.0.pre2)
  pickle
  rails (= 3.0.3)
  recaptcha!
  remarkable_mongoid
  roles_mongoid (>= 0.4.2)
  rspec (>= 2.4.0)
  rspec-rails (>= 2.4.0)
  ruby_parser
  sass
  slim
  slim-rails
