GIT
  remote: https://github.com/YouthTree/bhm-google-maps.git
  revision: 5b771fb70fb5046f13f44f0f6a89591067b6de6b
  specs:
    bhm-google-maps (0.3.0)

GIT
  remote: https://github.com/davout/recaptcha.git
  revision: 2e3bfac0a0e29dcbd0e77262d54264949df1d8d6
  specs:
    recaptcha (0.2.3)

GIT
  remote: https://github.com/jlecour/geokit-rails3.git
  revision: e7451ce3446d28af0ec871829436924f5899208c
  specs:
    geokit-rails3 (0.1.2)
      geokit (~> 1.5.0)
      rails (~> 3.0.0)

GIT
  remote: https://github.com/jnicklas/carrierwave.git
  revision: 85ddee1014806dd4ccea7d122fe23d14f0adc43e
  specs:
    carrierwave (0.5.1)
      activesupport (~> 3.0)

GEM
  remote: http://rubygems.org/
  specs:
    abstract (1.0.0)
    actionmailer (3.0.3)
      actionpack (= 3.0.3)
      mail (~> 2.2.9)
    actionpack (3.0.3)
      activemodel (= 3.0.3)
      activesupport (= 3.0.3)
      builder (~> 2.1.2)
      erubis (~> 2.6.6)
      i18n (~> 0.4)
      rack (~> 1.2.1)
      rack-mount (~> 0.6.13)
      rack-test (~> 0.5.6)
      tzinfo (~> 0.3.23)
    active_merchant (1.5.2)
      activesupport (>= 2.3.2)
      builder (>= 2.0.0)
    activemodel (3.0.3)
      activesupport (= 3.0.3)
      builder (~> 2.1.2)
      i18n (~> 0.4)
    activerecord (3.0.3)
      activemodel (= 3.0.3)
      activesupport (= 3.0.3)
      arel (~> 2.0.2)
      tzinfo (~> 0.3.23)
    activeresource (3.0.3)
      activemodel (= 3.0.3)
      activesupport (= 3.0.3)
    activesupport (3.0.3)
    arel (2.0.6)
    bcrypt-ruby (2.1.2)
    bson (1.1.4)
    bson_ext (1.1.4)
    builder (2.1.2)
    cancan (1.4.1)
    cancan-permits (0.3.6)
      activesupport (>= 3.0.1)
      cancan (~> 1.4.1)
      logging_assist (>= 0.1.6)
      rails3_artifactor (~> 0.3.1)
      require_all (~> 1.2.0)
      sugar-high (~> 0.3.0)
    cancan-rest-links (0.2.0)
      cancan (~> 1.4.0)
      generator-spec (>= 0.7.0)
      r3_plugin_toolbox (>= 0.4.0)
      require_all (~> 1.2.0)
      sugar-high (~> 0.3.0)
    capybara (0.4.0)
      celerity (>= 0.7.9)
      culerity (>= 0.2.4)
      mime-types (>= 1.16)
      nokogiri (>= 1.3.3)
      rack (>= 1.0.0)
      rack-test (>= 0.5.4)
      selenium-webdriver (>= 0.0.27)
      xpath (~> 0.1.2)
    celerity (0.8.4)
    childprocess (0.1.4)
      ffi (~> 0.6.3)
    code-spec (0.2.9)
      activesupport (>= 3.0)
      require_all (~> 1.2.0)
      sugar-high (~> 0.3.0)
    compass (0.10.6)
      haml (>= 3.0.4)
    cream (0.8.2)
      cancan (>= 1.4.0)
      cancan (>= 1.4.0)
      cancan-permits (>= 0.3.2)
      cancan-permits (>= 0.3.4)
      cancan-rest-links (>= 0.2.0)
      cancan-rest-links (>= 0.2.0)
      devise (>= 1.1.5)
      devise (>= 1.1.5)
      devise-links (>= 0.2.0)
      devise-links (>= 0.2.0)
      logging_assist (~> 0.1.6)
      logging_assist (~> 0.1.6)
      r3_plugin_toolbox (>= 0.4.0)
      r3_plugin_toolbox (>= 0.4.0)
      rails (>= 3.0.1)
      rails (>= 3.0.1)
      rails3_artifactor (>= 0.3.2)
      rails3_artifactor (~> 0.3.1)
      require_all (~> 1.2.0)
      require_all (~> 1.2.0)
      sugar-high (~> 0.3.1)
      sugar-high (~> 0.3.1)
    cucumber (0.9.4)
      builder (~> 2.1.2)
      diff-lcs (~> 1.1.2)
      gherkin (~> 2.2.9)
      json (~> 1.4.6)
      term-ansicolor (~> 1.0.5)
    cucumber-rails (0.3.2)
      cucumber (>= 0.8.0)
    culerity (0.2.12)
    daemons (1.0.10)
    devise (1.1.5)
      bcrypt-ruby (~> 2.1.2)
      warden (~> 1.0.2)
    devise-links (0.2.1)
      activesupport (>= 3.0.0)
      devise (>= 1.1.5)
      logging_assist (~> 0.1.6)
      r3_plugin_toolbox (>= 0.4.0)
      rails3_artifactor (>= 0.3.1)
      require_all (~> 1.2.0)
      sugar-high (~> 0.3.0)
    diff-lcs (1.1.2)
    erubis (2.6.6)
      abstract (>= 1.0.0)
    ffi (0.6.3)
      rake (>= 0.8.7)
    file-spec (0.1.4)
      activesupport (>= 3.0.1)
      require_all (~> 1.2.0)
      rspec (>= 2.0.1)
    formtastic (1.2.2)
      actionpack (>= 2.3.7)
      activesupport (>= 2.3.7)
      i18n (>= 0.4.0)
    gem_plugin (0.2.3)
    generator-spec (0.7.1)
      rails (>= 3.0.1)
      rails-app-spec (>= 0.3.0)
      rails3_artifactor (>= 0.3.0)
      rake (>= 0.8.7)
      require_all (~> 1.2.0)
      rspec (>= 2.0.1)
      sugar-high (~> 0.3.0)
      test-unit (>= 2.0.1)
    geokit (1.5.0)
    gherkin (2.2.9)
      json (~> 1.4.6)
      term-ansicolor (~> 1.0.5)
    haml (3.0.24)
    has_scope (0.5.0)
    i18n (0.5.0)
    inherited_resources (1.1.2)
      has_scope (~> 0.5.0)
      responders (~> 0.6.0)
    json (1.4.6)
    json_pure (1.4.6)
    log4r (1.1.9)
    logging_assist (0.1.6)
      log4r (~> 1.1.8)
      require_all (~> 1.2.0)
      sugar-high (~> 0.3.0)
    mail (2.2.12)
      activesupport (>= 2.3.6)
      i18n (>= 0.4.0)
      mime-types (~> 1.16)
      treetop (~> 1.4.8)
    migration_assist (0.1.7)
      rails (>= 3.0)
      require_all (~> 1.2.0)
    mime-types (1.16)
    mocha (0.9.10)
      rake
    mongo (1.1.4)
      bson (>= 1.1.1)
    mongoid (2.0.0.beta.20)
      activemodel (~> 3.0)
      mongo (~> 1.1)
      tzinfo (~> 0.3.22)
      will_paginate (~> 3.0.pre)
    mongrel (1.2.0.pre2)
      daemons (~> 1.0.10)
      gem_plugin (~> 0.2.3)
    nokogiri (1.4.4)
    pickle (0.4.3)
      cucumber (>= 0.8)
      rake
      rspec (>= 1.3)
      yard
    polyglot (0.3.1)
    r3_plugin_toolbox (0.4.0)
      rails (~> 3.0)
      require_all (~> 1.2.0)
      sugar-high (~> 0.3.0)
    rack (1.2.1)
    rack-mount (0.6.13)
      rack (>= 1.0.0)
    rack-test (0.5.6)
      rack (>= 1.0)
    rails (3.0.3)
      actionmailer (= 3.0.3)
      actionpack (= 3.0.3)
      activerecord (= 3.0.3)
      activeresource (= 3.0.3)
      activesupport (= 3.0.3)
      bundler (~> 1.0)
      railties (= 3.0.3)
    rails-app-spec (0.3.2)
      activesupport (>= 3.0.1)
      code-spec (>= 0.2.9)
      file-spec (>= 0.1.4)
      rails3_artifactor (>= 0.3.1)
      rails3_assist (>= 0.3.0)
      require_all (~> 1.2.0)
      rspec (>= 2.0.1)
      sugar-high (>= 0.3.0)
    rails3_artifactor (0.3.2)
      migration_assist (~> 0.1.4)
      rails3_assist (~> 0.3.0)
      require_all (~> 1.2.0)
      rspec (>= 2.0.0)
      sugar-high (~> 0.3.0)
    rails3_assist (0.3.3)
      activesupport (>= 3.0)
      migration_assist (~> 0.1.7)
      require_all (~> 1.2.0)
      sugar-high (~> 0.3.0)
      thor (>= 0.14.0)
    railties (3.0.3)
      actionpack (= 3.0.3)
      activesupport (= 3.0.3)
      rake (>= 0.8.7)
      thor (~> 0.14.4)
    rake (0.8.7)
    require_all (1.2.0)
    responders (0.6.2)
    roles_generic (0.3.3)
      activesupport (>= 3.0)
      logging_assist (>= 0.1.6)
      rails3_artifactor (~> 0.3.1)
      require_all (~> 1.2.0)
      sugar-high (~> 0.3.0)
    roles_mongoid (0.3.4)
      activesupport (~> 3.0.1)
      bson (>= 1.1.1)
      bson (>= 1.1.4)
      logging_assist (~> 0.1.6)
      mongoid (>= 2.0.0.beta.19)
      mongoid (~> 2.0.0.beta.19)
      rails3_artifactor (>= 0.3.1)
      require_all (~> 1.2.0)
      require_all (~> 1.2.0)
      roles_generic (>= 0.3.0)
      roles_generic (>= 0.3.2)
      sugar-high (>= 0.3.0)
      sugar-high (~> 0.3.0)
    rspec (2.2.0)
      rspec-core (~> 2.2)
      rspec-expectations (~> 2.2)
      rspec-mocks (~> 2.2)
    rspec-core (2.3.1)
    rspec-expectations (2.3.0)
      diff-lcs (~> 1.1.2)
    rspec-mocks (2.3.0)
    rspec-rails (2.2.1)
      actionpack (~> 3.0)
      activesupport (~> 3.0)
      railties (~> 3.0)
      rspec (~> 2.2.0)
    rubyzip (0.9.4)
    selenium-webdriver (0.1.1)
      childprocess (= 0.1.4)
      ffi (~> 0.6.3)
      json_pure
      rubyzip
    slim (0.8.0)
      temple (~> 0.1.6)
      tilt (~> 1.1)
    slim-rails (0.1.2)
    sugar-high (0.3.1)
      mocha (>= 0.9.8)
      require_all (~> 1.2.0)
    temple (0.1.6)
    term-ansicolor (1.0.5)
    test-unit (2.1.2)
    thor (0.14.6)
    tilt (1.1)
    treetop (1.4.9)
      polyglot (>= 0.3.1)
    tzinfo (0.3.23)
    warden (1.0.3)
      rack (>= 1.0.0)
    will_paginate (3.0.pre2)
    xpath (0.1.2)
      nokogiri (~> 1.3)
    yard (0.6.3)

PLATFORMS
  ruby

DEPENDENCIES
  active_merchant
  bhm-google-maps!
  bson_ext
  capybara
  carrierwave!
  compass
  cream (>= 0.8.2)
  cucumber-rails
  devise (>= 1.1)
  diff-lcs
  formtastic (>= 1.1.0)
  geokit-rails3!
  haml (>= 3.0.0)
  inherited_resources
  mongoid (>= 2.0.0.beta.19)
  mongrel (>= 1.2.0.pre2)
  pickle
  rails (= 3.0.3)
  recaptcha!
  roles_mongoid (>= 0.3.4)
  rspec (>= 2.0.1)
  rspec-rails (>= 2.0.1)
  slim
  slim-rails
