GIT
  remote: git://github.com/jasoncodes/hassle.git
  revision: a61495d
  specs:
    hassle (0.0.1)
      haml
      rack

GIT
  remote: https://github.com/kristianmandrup/cream.git
  revision: 6d741ab
  specs:
    cream (0.8.9.2)
      cancan (>= 1.4.1)
      cancan (>= 1.4.0)
      cancan-permits (>= 0.3.4)
      cancan-permits (>= 0.3.10)
      cancan-rest-links (>= 0.2.0)
      cancan-rest-links (>= 0.2.1)
      colorize (>= 0.5.8)
      colorize (>= 0.5.8)
      devise (>= 1.1.5)
      devise (>= 1.1.5)
      devise-links (>= 0.2.1)
      devise-links (>= 0.2.0)
      logging_assist (>= 0.2.0)
      logging_assist (>= 0.2.0)
      r3_plugin_toolbox (>= 0.4.0)
      r3_plugin_toolbox (>= 0.4.0)
      rails (>= 3.0.1)
      rails (>= 3.0.1)
      rails3_artifactor (>= 0.3.2)
      rails3_artifactor (~> 0.3.2)
      require_all (~> 1.2.0)
      require_all (~> 1.2.0)
      sugar-high (~> 0.3.1)
      sugar-high (>= 0.3.1)

GIT
  remote: https://github.com/kristianmandrup/formtastic.git
  revision: e5869ac
  specs:
    formtastic (1.2.3)
      actionpack (>= 2.3.7)
      activesupport (>= 2.3.7)
      i18n (~> 0.4)

GIT
  remote: https://github.com/kristianmandrup/localized_country_select.git
  revision: 8b4312b
  specs:
    localized_country_select (0.1.0)
      rails (>= 2.3.5)
      rails (>= 2.3.5)

GIT
  remote: https://github.com/kristianmandrup/localized_language_select.git
  revision: 86401eb
  specs:
    localized_language_select (0.2.0)
      rails (>= 2.3.5)
      rails (>= 2.3.5)

GEM
  remote: http://rubygems.org/
  specs:
    abstract (1.0.0)
    actionmailer (3.0.3)
      actionpack (= 3.0.3)
      mail (~> 2.2.9)
    actionpack (3.0.3)
      activemodel (= 3.0.3)
      activesupport (= 3.0.3)
      builder (~> 2.1.2)
      erubis (~> 2.6.6)
      i18n (~> 0.4)
      rack (~> 1.2.1)
      rack-mount (~> 0.6.13)
      rack-test (~> 0.5.6)
      tzinfo (~> 0.3.23)
    active_merchant (1.5.2)
      activesupport (>= 2.3.2)
      builder (>= 2.0.0)
    activemodel (3.0.3)
      activesupport (= 3.0.3)
      builder (~> 2.1.2)
      i18n (~> 0.4)
    activerecord (3.0.3)
      activemodel (= 3.0.3)
      activesupport (= 3.0.3)
      arel (~> 2.0.2)
      tzinfo (~> 0.3.23)
    activeresource (3.0.3)
      activemodel (= 3.0.3)
      activesupport (= 3.0.3)
    activesupport (3.0.3)
    arel (2.0.7)
    bcrypt-ruby (2.1.4)
    bson (1.2.0)
    bson_ext (1.2.0)
    builder (2.1.2)
    cancan (1.5.1)
    cancan-permits (0.3.10)
      activemodel (>= 3.0.1)
      activemodel (>= 3.0.1)
      activeresource (>= 3.0.1)
      activeresource (>= 3.0.1)
      activesupport (>= 3.0.1)
      activesupport (>= 3.0.1)
      cancan (>= 1.4.1)
      cancan (>= 1.4.1)
      logging_assist (>= 0.2.0)
      logging_assist (>= 0.2.0)
      rails3_artifactor (~> 0.3.2)
      rails3_artifactor (~> 0.3.2)
      require_all (~> 1.2.0)
      require_all (~> 1.2.0)
      sugar-high (~> 0.3.1)
      sugar-high (~> 0.3.1)
    cancan-rest-links (0.2.2)
      cancan (>= 1.4.1)
      cancan (>= 1.4.1)
      r3_plugin_toolbox (~> 0.4.0)
      r3_plugin_toolbox (>= 0.4.0)
      require_all (~> 1.2.0)
      require_all (~> 1.2.0)
      sugar-high (~> 0.3.1)
      sugar-high (~> 0.3.1)
    capybara (0.4.1.1)
      celerity (>= 0.7.9)
      culerity (>= 0.2.4)
      mime-types (>= 1.16)
      nokogiri (>= 1.3.3)
      rack (>= 1.0.0)
      rack-test (>= 0.5.4)
      selenium-webdriver (>= 0.0.27)
      xpath (~> 0.1.3)
    celerity (0.8.7)
    childprocess (0.1.6)
      ffi (~> 0.6.3)
    chronic (0.3.0)
    chunky_png (0.12.0)
    colorize (0.5.8)
    compass (0.10.6)
      haml (>= 3.0.4)
    crack (0.1.8)
    cucumber (0.10.0)
      builder (>= 2.1.2)
      diff-lcs (~> 1.1.2)
      gherkin (~> 2.3.2)
      json (~> 1.4.6)
      term-ansicolor (~> 1.0.5)
    cucumber-rails (0.3.2)
      cucumber (>= 0.8.0)
    culerity (0.2.15)
    devise (1.1.5)
      bcrypt-ruby (~> 2.1.2)
      warden (~> 1.0.2)
    devise-links (0.2.2)
      activesupport (>= 3.0.0)
      devise (>= 1.1.5)
      logging_assist (>= 0.2.0)
      r3_plugin_toolbox (>= 0.4.0)
      rails3_artifactor (>= 0.3.1)
      require_all (~> 1.2.0)
      sugar-high (~> 0.3.1)
    diff-lcs (1.1.2)
    erubis (2.6.6)
      abstract (>= 1.0.0)
    ffi (0.6.3)
      rake (>= 0.8.7)
    geo-distance (0.1.2)
    geo_magic (0.2.4.3)
      geo-distance (>= 0.1.0)
      geo-distance (>= 0.1.0)
      httparty (>= 0.6.0)
      httparty (>= 0.6.0)
    geocode (0.2.1)
      json
      trollop
    gherkin (2.3.3)
      json (~> 1.4.6)
    graticule (2.0.0)
      activesupport
      happymapper (>= 0.3.0)
      i18n
    haml (3.0.25)
    haml-edge (3.1.79)
    happymapper (0.3.2)
      libxml-ruby (~> 1.1.3)
    has_scope (0.5.0)
    httparty (0.7.3)
      crack (= 0.1.8)
    i18n (0.5.0)
    inherited_resources (1.1.2)
      has_scope (~> 0.5.0)
      responders (~> 0.6.0)
    json (1.4.6)
    json_pure (1.4.6)
    lemonade (0.3.4)
      chunky_png (>= 0.8.0)
      compass (>= 0.10.0)
      haml (>= 3.0.0)
    libxml-ruby (1.1.4)
    log4r-color (1.2)
      colorize
      scribe
    logging_assist (0.2.1)
      colorize (~> 0.5.8)
      log4r-color (>= 1.2)
      require_all (~> 1.2.0)
      sugar-high (~> 0.3.0)
    mail (2.2.14)
      activesupport (>= 2.3.6)
      i18n (>= 0.4.0)
      mime-types (~> 1.16)
      treetop (~> 1.4.8)
    migration_assist (0.1.8)
      rails (>= 3.0.1)
      require_all (~> 1.2.0)
    mime-types (1.16)
    mocha (0.9.10)
      rake
    mongo (1.2.0)
      bson (>= 1.2.0)
    mongoid (2.0.0.rc.6)
      activemodel (~> 3.0)
      mongo (~> 1.2)
      tzinfo (~> 0.3.22)
      will_paginate (~> 3.0.pre)
    nokogiri (1.4.4)
    pickle (0.4.4)
      cucumber (>= 0.8)
      rake
      rspec (>= 1.3)
      yard
    polyglot (0.3.1)
    r3_plugin_toolbox (0.4.1)
      rails (~> 3.0)
      require_all (~> 1.2.0)
      sugar-high (~> 0.3.0)
    rack (1.2.1)
    rack-mount (0.6.13)
      rack (>= 1.0.0)
    rack-test (0.5.7)
      rack (>= 1.0)
    rails (3.0.3)
      actionmailer (= 3.0.3)
      actionpack (= 3.0.3)
      activerecord (= 3.0.3)
      activeresource (= 3.0.3)
      activesupport (= 3.0.3)
      bundler (~> 1.0)
      railties (= 3.0.3)
    rails3-jquery-autocomplete (0.6.1)
      rails (~> 3.0.0)
    rails3_artifactor (0.3.2)
      migration_assist (~> 0.1.4)
      rails3_assist (~> 0.3.0)
      require_all (~> 1.2.0)
      rspec (>= 2.0.0)
      sugar-high (~> 0.3.0)
    rails3_assist (0.3.7)
      activesupport (>= 3.0)
      migration_assist (~> 0.1.7)
      require_all (~> 1.2.0)
      sugar-high (~> 0.3.0)
      thor (>= 0.14.0)
    railties (3.0.3)
      actionpack (= 3.0.3)
      activesupport (= 3.0.3)
      rake (>= 0.8.7)
      thor (~> 0.14.4)
    rake (0.8.7)
    redis (2.1.1)
    redis-namespace (0.8.0)
      redis (< 3.0.0)
    require_all (1.2.0)
    responders (0.6.2)
    resque (1.10.0)
      json (~> 1.4.6)
      redis-namespace (~> 0.8.0)
      sinatra (>= 0.9.2)
      vegas (~> 0.1.2)
    rest-client (1.6.1)
      mime-types (>= 1.16)
    roles_generic (0.3.7.2)
      activesupport (>= 3.0.1)
      activesupport (>= 3.0.1)
      logging_assist (>= 0.2.0)
      logging_assist (>= 0.2.0)
      rails3_artifactor (~> 0.3.2)
      rails3_artifactor (~> 0.3.2)
      require_all (~> 1.2.0)
      require_all (~> 1.2.0)
      sugar-high (~> 0.3.1)
      sugar-high (~> 0.3.1)
    roles_mongoid (0.4.5)
      activesupport (~> 3.0.3)
      bson (>= 1.1.5)
      bson (>= 1.1.5)
      logging_assist (>= 0.2.1)
      logging_assist (>= 0.2.1)
      mongoid (~> 2.0.0.rc.5)
      mongoid (~> 2.0.0.rc.5)
      rails3_artifactor (>= 0.3.1)
      require_all (~> 1.2.0)
      require_all (~> 1.2.0)
      roles_generic (>= 0.3.6)
      roles_generic (>= 0.3.6)
      sugar-high (>= 0.3.5)
      sugar-high (~> 0.3.5)
    rspec (2.4.0)
      rspec-core (~> 2.4.0)
      rspec-expectations (~> 2.4.0)
      rspec-mocks (~> 2.4.0)
    rspec-core (2.4.0)
    rspec-expectations (2.4.0)
      diff-lcs (~> 1.1.2)
    rspec-mocks (2.4.0)
    rspec-rails (2.4.1)
      actionpack (~> 3.0)
      activesupport (~> 3.0)
      railties (~> 3.0)
      rspec (~> 2.4.0)
    ruby_parser (2.0.5)
      sexp_processor (~> 3.0)
    rubyzip (0.9.4)
    sass (3.1.0.alpha.218)
    scribe (0.2.2)
      rake
      thrift_client
    selenium-webdriver (0.1.2)
      childprocess (~> 0.1.5)
      ffi (~> 0.6.3)
      json_pure
      rubyzip
    sexp_processor (3.0.5)
    sinatra (1.1.2)
      rack (~> 1.1)
      tilt (~> 1.2)
    slim (0.8.3)
      temple (~> 0.1.6)
      tilt (~> 1.1)
    slim-rails (0.1.2)
    sugar-high (0.3.5)
      mocha (>= 0.9.8)
      require_all (~> 1.2.0)
    temple (0.1.7)
    term-ansicolor (1.0.5)
    thor (0.14.6)
    thrift (0.5.0)
    thrift_client (0.6.0)
      thrift (~> 0.5.0)
    tilt (1.2.2)
    timecop (0.3.5)
    treetop (1.4.9)
      polyglot (>= 0.3.1)
    trollop (1.16.2)
    tzinfo (0.3.24)
    vegas (0.1.8)
      rack (>= 1.0.0)
    warden (1.0.3)
      rack (>= 1.0.0)
    will_paginate (3.0.pre2)
    xpath (0.1.3)
      nokogiri (~> 1.3)
    yard (0.6.4)

PLATFORMS
  ruby

DEPENDENCIES
  active_merchant
  bson_ext (>= 1.1.5)
  capybara (~> 0.4.1.1)
  chronic
  compass
  cream (>= 0.8.9.2)!
  cucumber-rails
  devise (>= 1.1.5)
  diff-lcs
  formtastic (>= 1.1.0)!
  geo_magic (>= 0.2.4.3)
  geocode
  graticule
  haml-edge (~> 3.1.49)
  hassle!
  inherited_resources
  lemonade
  localized_country_select!
  localized_language_select!
  mongoid (>= 2.0.0.rc.3)
  pickle
  rails (= 3.0.3)
  rails3-jquery-autocomplete
  resque
  rest-client
  roles_mongoid (>= 0.4.4)
  rspec (>= 2.4.0)
  rspec-rails (>= 2.4.0)
  ruby_parser
  sass
  slim
  slim-rails
  timecop
